GEM
  remote: http://www.rubygems.org/
  specs:
    activesupport (3.2.19)
      i18n (~> 0.6, >= 0.6.4)
      multi_json (~> 1.0)
    claide (0.7.0)
    clamp (0.6.3)
    cocoapods (0.34.4)
      activesupport (>= 3.2.15, < 4)
      claide (~> 0.7.0)
      cocoapods-core (= 0.34.4)
      cocoapods-downloader (~> 0.7.2)
      cocoapods-plugins (~> 0.3.1)
      cocoapods-trunk (~> 0.3.1)
      cocoapods-try (~> 0.4.1)
      colored (~> 1.2)
      escape (~> 0.0.4)
      json_pure (~> 1.8)
      nap (~> 0.8)
      open4 (~> 1.3)
      xcodeproj (~> 0.19.4)
    cocoapods-core (0.34.4)
      activesupport (>= 3.2.15)
      fuzzy_match (~> 2.0.4)
      json_pure (~> 1.8)
      nap (~> 0.8.0)
    cocoapods-downloader (0.7.2)
    cocoapods-plugins (0.3.1)
      nap
    cocoapods-trunk (0.3.1)
      json_pure (~> 1.8)
      nap (>= 0.8)
      netrc (= 0.7.8)
    cocoapods-try (0.4.1)
    colored (1.2)
    escape (0.0.4)
    fuzzy_match (2.0.4)
    i18n (0.6.11)
    json_pure (1.8.1)
    multi_json (1.10.1)
    nap (0.8.0)
    netrc (0.7.8)
    open4 (1.3.4)
    rake (10.3.2)
    slather (1.4.0)
      clamp (~> 0.6)
      xcodeproj (~> 0.19.2)
    xcodeproj (0.19.4)
      activesupport (~> 3.0)
      colored (~> 1.2)
    xcpretty (0.1.7)

PLATFORMS
  ruby

DEPENDENCIES
  cocoapods (~> 0.34.4)
  rake
  slather
  xcpretty
